GEM
  remote: https://rubygems.org/
  specs:
    colorputs (0.2.3)

PLATFORMS
  x64-mingw-ucrt

DEPENDENCIES
  colorputs

BUNDLED WITH
   2.5.16
